GEM
  remote: https://rubygems.org/
  specs:
    ast (2.1.0)
    astrolabe (1.3.1)
      parser (~> 2.2)
    blankslate (3.1.3)
    colorize (0.7.7)
    csscss (1.3.3)
      colorize
      parslet (>= 1.6.1, < 2.0)
    parser (2.2.2.6)
      ast (>= 1.1, < 3.0)
    parslet (1.7.1)
      blankslate (>= 2.0, <= 4.0)
    powerpack (0.1.1)
    rainbow (2.0.0)
    rake (11.1.1)
    rubocop (0.32.1)
      astrolabe (~> 1.3)
      parser (>= 2.2.2.5, < 3.0)
      powerpack (~> 0.1)
      rainbow (>= 1.99.1, < 3.0)
      ruby-progressbar (~> 1.4)
    ruby-progressbar (1.7.5)

PLATFORMS
  ruby

DEPENDENCIES
  csscss (~> 1.3.3)
  rake (~> 11.1, >= 11.1.1)
  rubocop (~> 0.32.1)

BUNDLED WITH
   1.16.0
